GEM
  specs:
    docker-api (1.26.0)
      excon (>= 0.38.0)
      json
    excon (0.45.4)
    json (1.8.3)
    rake (10.4.2)

PLATFORMS
  ruby

DEPENDENCIES
  docker-api
  rake

BUNDLED WITH
   1.10.6
